GIT
  remote: git://github.com/Roman2K/metacli.git
  revision: 3eb064e27e1e7b2a19280199b1e76e49ccdda634
  specs:
    metacli (0.1.0)

GIT
  remote: git://github.com/Roman2K/utils-ruby.git
  revision: 9e0494b8fd53747f91df8402bd092df1cf736f0b
  specs:
    utils-ruby (0.1.0)

GEM
  remote: https://rubygems.org/
  specs:

PLATFORMS
  ruby

DEPENDENCIES
  metacli!
  utils-ruby!

BUNDLED WITH
   2.0.1
